PATH
  remote: .
  specs:
    memorybee (0.0.1)
      beeminder
      nokogiri

GEM
  remote: https://rubygems.org/
  specs:
    activesupport (3.2.16)
      i18n (~> 0.6, >= 0.6.4)
      multi_json (~> 1.0)
    atomic (1.1.14)
    beeminder (0.2.7)
      activesupport (~> 3.2)
      chronic (~> 0.7)
      highline (~> 1.6)
      json
      trollop (~> 2)
      tzinfo
    chronic (0.10.2)
    highline (1.6.20)
    i18n (0.6.9)
    json (1.8.1)
    mini_portile (0.5.2)
    multi_json (1.8.2)
    nokogiri (1.6.1)
      mini_portile (~> 0.5.0)
    rake (10.1.1)
    thread_safe (0.1.3)
      atomic
    trollop (2.0)
    tzinfo (1.1.0)
      thread_safe (~> 0.1)

PLATFORMS
  ruby

DEPENDENCIES
  bundler (~> 1.3)
  memorybee!
  rake
